GEM
  remote: http://rubygems.org/
  specs:
    albacore (1.0.0.rc.2)
      nokogiri (~> 1.5)
      rake
      rubyzip (~> 1.0)
    configatron (2.13.0)
      yamler (>= 0.1.0)
    gitflowversion (0.14.0)
    mini_portile (0.6.2)
    nokogiri (1.6.6.2-x64-mingw32)
      mini_portile (~> 0.6.0)
    nokogiri (1.6.6.2-x86-mingw32)
      mini_portile (~> 0.6.0)
    nuget (2.8.60717.93)
    rake (10.4.2)
    rubyzip (1.1.7)
    yamler (0.1.0)

PLATFORMS
  x64-mingw32
  x86-mingw32

DEPENDENCIES
  albacore (= 1.0.0.rc.2)
  configatron (= 2.13.0)
  gitflowversion
  nuget
  rake

BUNDLED WITH
   1.10.6
